GEM
  remote: https://rubygems.org/
  specs:
    haml (5.0.3)
      temple (>= 0.8.0)
      tilt
    mustermann (1.0.1)
    pixo (0.1.4)
    rack (2.0.3)
    rack-protection (2.0.0)
      rack
    sinatra (2.0.0)
      mustermann (~> 1.0)
      rack (~> 2.0)
      rack-protection (= 2.0.0)
      tilt (~> 2.0)
    sinatra-bootstrap (0.6.1)
      sinatra (>= 1.0)
      sinatra-outputbuffer
    sinatra-outputbuffer (0.1.0)
      sinatra (>= 1.0.a)
    temple (0.8.0)
    tilt (2.0.8)

PLATFORMS
  ruby

DEPENDENCIES
  haml
  pixo
  sinatra
  sinatra-bootstrap

BUNDLED WITH
   1.15.4
